GEM
  remote: https://rubygems.org/
  specs:
    descriptive_statistics (2.5.1)
    ruby-progressbar (1.7.5)

PLATFORMS
  ruby

DEPENDENCIES
  descriptive_statistics
  ruby-progressbar

BUNDLED WITH
   1.12.5
